GEM
  remote: https://rubygems.org/
  specs:
    addressable (2.3.2)
    builder (3.0.4)
    childprocess (0.3.5)
      ffi (~> 1.0, >= 1.0.6)
    cucumber (1.2.1)
      builder (>= 2.1.2)
      diff-lcs (>= 1.1.3)
      gherkin (~> 2.11.0)
      json (>= 1.4.6)
    diff-lcs (1.2.4)
    ffi (1.2.0)
    gherkin (2.11.1)
      json (>= 1.4.6)
    json (1.8.0)
    libwebsocket (0.1.5)
      addressable
    multi_json (1.7.7)
    rubyzip (0.9.9)
    selenium-webdriver (2.25.0)
      childprocess (>= 0.2.5)
      libwebsocket (~> 0.1.3)
      multi_json (~> 1.0)
      rubyzip

PLATFORMS
  ruby

DEPENDENCIES
  cucumber
  selenium-webdriver
